GEM
  remote: https://rubygems.org/
  specs:
    ffi (1.15.5)
    get_process_mem (0.2.7)
      ffi (~> 1.0)

PLATFORMS
  x86_64-darwin-19

DEPENDENCIES
  get_process_mem

RUBY VERSION
   ruby 3.0.1p64

BUNDLED WITH
   2.2.17
